GEM
  remote: http://rubygems.org/
  specs:
    archive-tar-minitar (0.5.2)
    builder (3.1.4)
    chef (11.0.0)
      erubis
      highline (>= 1.6.9)
      json (>= 1.4.4, <= 1.6.1)
      mixlib-authentication (>= 1.3.0)
      mixlib-cli (~> 1.3.0)
      mixlib-config (>= 1.1.2)
      mixlib-log (>= 1.3.0)
      mixlib-shellout
      net-ssh (~> 2.2.2)
      net-ssh-multi (~> 1.1.0)
      ohai (>= 0.6.0)
      rest-client (>= 1.0.4, < 1.7.0)
      yajl-ruby (~> 1.1)
    childprocess (0.3.8)
      ffi (~> 1.0, >= 1.0.11)
    erubis (2.7.0)
    excon (0.16.10)
    ffi (1.3.1)
    fog (1.9.0)
      builder
      excon (~> 0.14)
      formatador (~> 0.2.0)
      mime-types
      multi_json (~> 1.0)
      net-scp (~> 1.0.4)
      net-ssh (>= 2.1.3)
      nokogiri (~> 1.5.0)
      ruby-hmac
    formatador (0.2.4)
    highline (1.6.15)
    i18n (0.6.1)
    ipaddress (0.8.0)
    json (1.5.4)
    knife-ec2 (0.6.2)
      chef (>= 0.10.10)
      fog (~> 1.6)
    knife-linode (0.2.0)
      fog (~> 1.0)
    librarian (0.0.26)
      archive-tar-minitar (>= 0.5.2)
      chef (>= 0.10)
      highline
      thor (~> 0.15)
    log4r (1.1.10)
    mime-types (1.21)
    mixlib-authentication (1.3.0)
      mixlib-log
    mixlib-cli (1.3.0)
    mixlib-config (1.1.2)
    mixlib-log (1.4.1)
    mixlib-shellout (1.1.0)
    multi_json (1.5.0)
    net-scp (1.0.4)
      net-ssh (>= 1.99.1)
    net-ssh (2.2.2)
    net-ssh-gateway (1.1.0)
      net-ssh (>= 1.99.1)
    net-ssh-multi (1.1)
      net-ssh (>= 2.1.4)
      net-ssh-gateway (>= 0.99.0)
    nokogiri (1.5.6)
    ohai (6.16.0)
      ipaddress
      mixlib-cli
      mixlib-config
      mixlib-log
      mixlib-shellout
      systemu
      yajl-ruby
    rest-client (1.6.7)
      mime-types (>= 1.16)
    ruby-hmac (0.4.0)
    systemu (2.5.2)
    thor (0.17.0)
    vagrant (1.0.6)
      archive-tar-minitar (= 0.5.2)
      childprocess (~> 0.3.1)
      erubis (~> 2.7.0)
      i18n (~> 0.6.0)
      json (~> 1.5.1)
      log4r (~> 1.1.9)
      net-scp (~> 1.0.4)
      net-ssh (~> 2.2.2)
    yajl-ruby (1.1.0)

PLATFORMS
  ruby

DEPENDENCIES
  chef
  knife-ec2
  knife-linode
  librarian
  vagrant (> 1.0.0)
